GEM
  remote: https://rubygems.org/
  specs:
    amq-protocol (2.3.1)
    bunny (2.15.0)
      amq-protocol (~> 2.3, >= 2.3.1)
    json (2.3.0)

PLATFORMS
  ruby

DEPENDENCIES
  bunny
  json

BUNDLED WITH
   2.0.2
